GEM
  remote: http://rubygems.org/
  specs:
    bloopsaphone (0.4)
    midilib (2.0.0)

PLATFORMS
  ruby

DEPENDENCIES
  bloopsaphone (~> 0.4)
  bundler
  midilib (= 2.0.0)
